GEM
  remote: https://rubygems.org/
  specs:
    bitters (0.9.3)
      bourbon (>= 3.1)
      sass (>= 3.2)
      thor
    bourbon (3.2.1)
      sass (~> 3.2)
      thor
    neat (1.5.1)
      bourbon (>= 3.1)
      sass (~> 3.2.19)
    sass (3.2.19)
    thor (0.19.1)

PLATFORMS
  ruby

DEPENDENCIES
  bitters
  bourbon (= 3.2.1)
  neat (= 1.5.1)
